GEM
  remote: https://rubygems.org/
  specs:
    backports (3.9.1)
    coderay (1.1.2)
    method_source (0.9.0)
    multi_json (1.12.2)
    mustermann (1.0.1)
    mysql2 (0.4.9)
    oj (3.3.8)
    pry (0.11.2)
      coderay (~> 1.1.0)
      method_source (~> 0.9.0)
    puma (3.10.0)
    rack (2.0.3)
    rack-protection (2.0.0)
      rack
    redis (4.0.1)
    sinatra (2.0.0)
      mustermann (~> 1.0)
      rack (~> 2.0)
      rack-protection (= 2.0.0)
      tilt (~> 2.0)
    sinatra-contrib (2.0.0)
      backports (>= 2.0)
      multi_json
      mustermann (~> 1.0)
      rack-protection (= 2.0.0)
      sinatra (= 2.0.0)
      tilt (>= 1.3, < 3)
    tilt (2.0.8)

PLATFORMS
  ruby

DEPENDENCIES
  mysql2
  oj
  pry
  puma
  redis
  sinatra
  sinatra-contrib

BUNDLED WITH
   1.15.4
