GEM
  remote: https://rubygems.org/
  specs:
    backports (3.9.1)
    kgio (2.11.0)
    multi_json (1.12.2)
    mustermann (1.0.1)
    mysql2 (0.4.9)
    rack (2.0.3)
    rack-protection (2.0.0)
      rack
    raindrops (0.19.0)
    redis (4.0.1)
    sinatra (2.0.0)
      mustermann (~> 1.0)
      rack (~> 2.0)
      rack-protection (= 2.0.0)
      tilt (~> 2.0)
    sinatra-contrib (2.0.0)
      backports (>= 2.0)
      multi_json
      mustermann (~> 1.0)
      rack-protection (= 2.0.0)
      sinatra (= 2.0.0)
      tilt (>= 1.3, < 3)
    tilt (2.0.8)
    unicorn (5.3.1)
      kgio (~> 2.6)
      raindrops (~> 0.7)

PLATFORMS
  ruby

DEPENDENCIES
  mysql2
  redis
  sinatra
  sinatra-contrib
  unicorn

BUNDLED WITH
   1.15.4
